GEM
  remote: https://rubygems.org/
  specs:
    dbi (0.4.5)
      deprecated (= 2.0.1)
    deprecated (2.0.1)
    flexmock (1.3.2)
    hoe (3.7.1)
      rake (>= 0.8, < 11.0)
    minitest (5.0.8)
    multi_json (1.8.2)
    rake (10.1.0)
    simplecov (0.7.1)
      multi_json (~> 1.0)
      simplecov-html (~> 0.7.1)
    simplecov-html (0.7.1)

PLATFORMS
  ruby

DEPENDENCIES
  dbi
  flexmock
  hoe
  minitest
  rake
  simplecov
